PATH
  remote: .
  specs:
    ceramic (0.0.2)
      json (~> 1.7.3)
      pg (~> 0.14.1)
      rack (~> 1.4.1)
      sinatra (~> 1.3.2)

GEM
  remote: http://rubygems.org/
  specs:
    json (1.7.5)
    pg (0.14.1)
    rack (1.4.1)
    rack-protection (1.2.0)
      rack
    sinatra (1.3.3)
      rack (~> 1.3, >= 1.3.6)
      rack-protection (~> 1.2)
      tilt (~> 1.3, >= 1.3.3)
    tilt (1.3.3)

PLATFORMS
  ruby

DEPENDENCIES
  ceramic!
